GEM
  remote: https://rubygems.org/
  specs:
    activesupport (5.0.0.1)
      concurrent-ruby (~> 1.0, >= 1.0.2)
      i18n (~> 0.7)
      minitest (~> 5.1)
      tzinfo (~> 1.1)
    addressable (2.4.0)
    ansi (1.5.0)
    ast (2.3.0)
    attributor (5.1.0)
      activesupport (>= 3)
      hashie (~> 3)
      randexp (~> 0)
    concurrent-ruby (1.0.2)
    crack (0.4.3)
      safe_yaml (~> 1.0.0)
    diff-lcs (1.2.5)
    harness (2.0.0)
      statsd-ruby
    hashdiff (0.3.0)
    hashie (3.4.6)
    i18n (0.7.0)
    mime (0.4.3)
    minitest (5.9.1)
    mustermann (0.4.0)
      tool (~> 0.2)
    oga (2.7)
      ast
      ruby-ll (~> 2.1)
    parser (2.3.1.4)
      ast (~> 2.2)
    powerpack (0.1.1)
    praxis (0.21)
      activesupport (>= 3)
      attributor (~> 5.1)
      harness (~> 2)
      mime (~> 0)
      mustermann (~> 0)
      praxis-blueprints (~> 3.3)
      praxis-mapper (~> 4.3)
      rack (~> 1)
      terminal-table (~> 1.4)
      thor (~> 0.18)
    praxis-blueprints (3.3)
      activesupport (>= 3)
      attributor (>= 5.1)
      randexp (~> 0)
    praxis-mapper (4.3)
      activesupport (>= 3)
      randexp (~> 0)
      sequel (~> 4)
    rack (1.6.4)
    rack-test (0.6.3)
      rack (>= 1.0)
    rainbow (2.1.0)
    rake (10.4.2)
    randexp (0.1.7)
    rspec (3.4.0)
      rspec-core (~> 3.4.0)
      rspec-expectations (~> 3.4.0)
      rspec-mocks (~> 3.4.0)
    rspec-core (3.4.4)
      rspec-support (~> 3.4.0)
    rspec-expectations (3.4.0)
      diff-lcs (>= 1.2.0, < 2.0)
      rspec-support (~> 3.4.0)
    rspec-mocks (3.4.1)
      diff-lcs (>= 1.2.0, < 2.0)
      rspec-support (~> 3.4.0)
    rspec-support (3.4.1)
    rubocop (0.43.0)
      parser (>= 2.3.1.1, < 3.0)
      powerpack (~> 0.1)
      rainbow (>= 1.99.1, < 3.0)
      ruby-progressbar (~> 1.7)
      unicode-display_width (~> 1.0, >= 1.0.1)
    ruby-ll (2.1.2)
      ansi
      ast
    ruby-progressbar (1.8.1)
    safe_yaml (1.0.4)
    sequel (4.39.0)
    statsd-ruby (1.3.0)
    terminal-table (1.7.3)
      unicode-display_width (~> 1.1.1)
    thor (0.19.1)
    thread_safe (0.3.5)
    tool (0.2.3)
    tzinfo (1.2.2)
      thread_safe (~> 0.1)
    unicode-display_width (1.1.1)
    webmock (2.1.0)
      addressable (>= 2.3.6)
      crack (>= 0.3.2)
      hashdiff

PLATFORMS
  ruby

DEPENDENCIES
  bundler (~> 1.13.2)
  oga (~> 2.7)
  praxis (~> 0.21)
  rack (~> 1.6.4)
  rack-test (~> 0.6.3)
  rake (~> 10.4.2)
  rspec (~> 3.4)
  rubocop (~> 0.43.0)
  webmock (~> 2.1.0)

BUNDLED WITH
   1.13.2
